GEM
  remote: https://rubygems.org/
  specs:
    rainbow (1.1.4)

PLATFORMS
  ruby

DEPENDENCIES
  rainbow (~> 1.1.4)
